PATH
  remote: .
  specs:
    ruby-duration (2.0.2)
      activesupport (>= 3.0.0)
      i18n

GEM
  remote: http://rubygems.org/
  specs:
    activesupport (3.2.3)
      i18n (~> 0.6)
      multi_json (~> 1.0)
    bluecloth (2.0.9)
    i18n (0.6.0)
    minitest (1.7.2)
    multi_json (1.3.5)
    rake (0.8.7)
    simplecov (0.3.6)
      simplecov-html (>= 0.3.7)
    simplecov-html (0.3.8)
    yard (0.6.1)

PLATFORMS
  ruby

DEPENDENCIES
  bluecloth (>= 0.3.5)
  bundler (>= 1.0.0)
  minitest
  rake
  ruby-duration!
  simplecov (>= 0.3.5)
  yard
